GIT
  remote: git://github.com/libgit2/rugged.git
  revision: 4429ccaa2ff29cee14b946ee77a63265e89f7f7f
  submodules: true
  specs:
    rugged (0.25.0b8)

GEM
  remote: https://rubygems.org/
  specs:

PLATFORMS
  ruby

DEPENDENCIES
  rugged!

BUNDLED WITH
   1.10.6
